GEM
  remote: https://rubygems.org/
  specs:
    puma (3.6.0)
    rack (2.0.1)
    sequel (4.40.0)
    slim (3.0.7)
      temple (~> 0.7.6)
      tilt (>= 1.3.3, < 2.1)
    sqlite3 (1.3.12)
    temple (0.7.7)
    tilt (2.0.5)

PLATFORMS
  ruby

DEPENDENCIES
  puma
  rack
  sequel
  slim
  sqlite3

RUBY VERSION
   ruby 2.3.1p112

BUNDLED WITH
   1.12.0
